GEM
  remote: https://rubygems.org/
  specs:
    commonmarker (0.16.8)
      ruby-enum (~> 0.5)
    crass (1.0.2)
    i18n (0.8.6)
    mini_portile2 (2.2.0)
    nokogiri (1.8.0)
      mini_portile2 (~> 2.2.0)
    nokogumbo (1.4.13)
      nokogiri
    ruby-enum (0.7.1)
      i18n
    sanitize (4.5.0)
      crass (~> 1.0.2)
      nokogiri (>= 1.4.4)
      nokogumbo (~> 1.4.1)
    tomlrb (1.2.4)

PLATFORMS
  ruby

DEPENDENCIES
  commonmarker
  sanitize
  tomlrb

BUNDLED WITH
   1.15.4
